GEM
  remote: https://rubygems.org/
  specs:
    diff-lcs (1.2.5)
    directory_watcher (1.4.1)
    json (1.8.1)
    json_pure (1.8.1)
    mini_portile (0.5.3)
    mustache (0.99.5)
    nokogiri (1.6.1)
      mini_portile (~> 0.5.0)
    rack (1.5.2)
    rake (10.2.2)
    redcarpet (2.3.0)
    rspec (2.14.1)
      rspec-core (~> 2.14.0)
      rspec-expectations (~> 2.14.0)
      rspec-mocks (~> 2.14.0)
    rspec-core (2.14.8)
    rspec-expectations (2.14.5)
      diff-lcs (>= 1.1.3, < 2.0)
    rspec-mocks (2.14.6)
    ruhoh (2.6)
      directory_watcher (~> 1.4.0)
      mustache (~> 0.99)
      nokogiri (~> 1.5)
      rack (~> 1.4)
      redcarpet (~> 2.1)

PLATFORMS
  ruby

DEPENDENCIES
  json
  json_pure
  rake
  rspec
  ruhoh (~> 2)
